GIT
  remote: git://github.com/hhba/mapa76-core.git
  revision: 62af82cf32f4e12f21e4ecfd21067036cae6d28c
  specs:
    mapa76-core (0.0.1)
      mongoid (~> 3.0.14)

GIT
  remote: git://github.com/munshkr/freeling-analyzer-ruby.git
  revision: 363631c4e0c8ac48d883a77af1ed4f60e4f3579d
  specs:
    freeling-analyzer (0.1.0)
      hashie

GEM
  remote: http://rubygems.org/
  specs:
    activemodel (3.2.9)
      activesupport (= 3.2.9)
      builder (~> 3.0.0)
    activesupport (3.2.9)
      i18n (~> 0.6)
      multi_json (~> 1.0)
    amatch (0.2.10)
      tins (~> 0.3)
    ansi (1.4.3)
    bson (1.6.4)
    bson_ext (1.6.4)
      bson (~> 1.6.4)
    builder (3.0.4)
    capistrano (2.12.0)
      highline
      net-scp (>= 1.0.0)
      net-sftp (>= 2.0.0)
      net-ssh (>= 2.0.14)
      net-ssh-gateway (>= 1.1.0)
    capistrano-ext (1.2.1)
      capistrano (>= 1.0.0)
    coderay (1.0.8)
    columnize (0.3.6)
    database_cleaner (0.8.0)
    debugger (1.1.4)
      columnize (>= 0.3.1)
      debugger-linecache (~> 1.1.1)
      debugger-ruby_core_source (~> 1.1.3)
    debugger-linecache (1.1.2)
      debugger-ruby_core_source (>= 1.1.1)
    debugger-ruby_core_source (1.1.3)
    docsplit (0.6.3)
    factory_girl (4.0.0)
      activesupport (>= 3.0.0)
    ffi (1.1.5)
    geokit (1.6.5)
      multi_json
    guard (1.3.2)
      listen (>= 0.4.2)
      thor (>= 0.14.6)
    guard-minitest (0.5.0)
      guard (>= 0.4)
    hashie (1.2.0)
    highline (1.6.13)
    httpi (1.1.1)
      rack
    i18n (0.6.1)
    listen (0.4.7)
      rb-fchange (~> 0.0.5)
      rb-fsevent (~> 0.9.1)
      rb-inotify (~> 0.8.8)
    log4r (1.1.10)
    method_source (0.8.1)
    minitest (2.6.2)
    mongoid (3.0.14)
      activemodel (~> 3.1)
      moped (~> 1.1)
      origin (~> 1.0)
      tzinfo (~> 0.3.22)
    mongoid-pagination (0.2.0)
      activesupport
      mongoid
    moped (1.3.0)
    multi_json (1.4.0)
    net-scp (1.0.4)
      net-ssh (>= 1.99.1)
    net-sftp (2.0.5)
      net-ssh (>= 2.0.9)
    net-ssh (2.5.2)
    net-ssh-gateway (1.1.0)
      net-ssh (>= 1.99.1)
    nokogiri (1.5.5)
    oj (1.2.11)
    origin (1.0.11)
    pry (0.9.10)
      coderay (~> 1.0.5)
      method_source (~> 0.8)
      slop (~> 3.3.1)
    rack (1.4.1)
    rack-protection (1.2.0)
      rack
    rake (0.9.2.2)
    rb-fchange (0.0.5)
      ffi
    rb-fsevent (0.9.1)
    rb-inotify (0.8.8)
      ffi (>= 0.5.0)
    redis (2.2.2)
    redis-namespace (1.0.3)
      redis (< 3.0.0)
    resque (1.20.0)
      multi_json (~> 1.0)
      redis-namespace (~> 1.0.2)
      sinatra (>= 0.9.2)
      vegas (~> 0.1.2)
    rvm-capistrano (1.2.2)
      capistrano (>= 2.0.0)
    shoulda-context (1.0.0)
    sinatra (1.3.2)
      rack (~> 1.3, >= 1.3.6)
      rack-protection (~> 1.2)
      tilt (~> 1.3, >= 1.3.3)
    slop (3.3.3)
    thor (0.15.4)
    tilt (1.3.3)
    tins (0.4.3)
    turn (0.9.6)
      ansi
    tzinfo (0.3.35)
    vegas (0.1.11)
      rack (>= 1.0.0)

PLATFORMS
  ruby

DEPENDENCIES
  activesupport
  amatch
  bson_ext
  capistrano
  capistrano-ext
  database_cleaner
  debugger
  docsplit
  factory_girl
  freeling-analyzer!
  geokit
  guard
  guard-minitest
  httpi
  log4r
  mapa76-core!
  minitest (~> 2.6.0)
  mongoid
  mongoid-pagination
  multi_json
  nokogiri
  oj
  pry
  rake
  resque
  rvm-capistrano
  shoulda-context
  turn
