PATH
  remote: .
  specs:
    mapa76-core (0.0.1)
      mongoid (~> 3.0.14)
      mongoid-grid_fs
      mongoid-pagination
      resque
      tire
      yajl-ruby

GEM
  remote: https://rubygems.org/
  specs:
    activemodel (3.2.13)
      activesupport (= 3.2.13)
      builder (~> 3.0.0)
    activesupport (3.2.13)
      i18n (= 0.6.1)
      multi_json (~> 1.0)
    ansi (1.4.3)
    builder (3.0.4)
    coderay (1.0.9)
    database_cleaner (0.9.1)
    factory_girl (4.2.0)
      activesupport (>= 3.0.0)
    ffi (1.3.1)
    guard (1.6.2)
      listen (>= 0.6.0)
      lumberjack (>= 1.0.2)
      pry (>= 0.9.10)
      terminal-table (>= 1.4.3)
      thor (>= 0.14.6)
    guard-minitest (0.5.0)
      guard (>= 0.4)
    hashr (0.0.22)
    i18n (0.6.1)
    listen (0.7.3)
    lumberjack (1.0.3)
    metaclass (0.0.1)
    method_source (0.8.1)
    mime-types (1.23)
    minitest (2.6.2)
    mocha (0.13.3)
      metaclass (~> 0.0.1)
    mongoid (3.0.23)
      activemodel (~> 3.1)
      moped (~> 1.2)
      origin (~> 1.0)
      tzinfo (~> 0.3.22)
    mongoid-grid_fs (1.7.0)
      mime-types (~> 1.19)
      mongoid (~> 3.0)
    mongoid-pagination (0.2.0)
      activesupport
      mongoid
    mono_logger (1.0.0)
    moped (1.4.5)
    multi_json (1.7.3)
    origin (1.0.11)
    pry (0.9.12)
      coderay (~> 1.0.5)
      method_source (~> 0.8)
      slop (~> 3.4)
    rack (1.5.2)
    rack-protection (1.5.0)
      rack
    rake (10.0.4)
    rb-fchange (0.0.5)
      ffi
    rb-fsevent (0.9.1)
    rb-inotify (0.8.8)
      ffi (>= 0.5.0)
    redis (3.0.3)
    redis-namespace (1.2.1)
      redis (~> 3.0.0)
    resque (1.24.1)
      mono_logger (~> 1.0)
      multi_json (~> 1.0)
      redis-namespace (~> 1.2)
      sinatra (>= 0.9.2)
      vegas (~> 0.1.2)
    rest-client (1.6.7)
      mime-types (>= 1.16)
    sinatra (1.4.2)
      rack (~> 1.5, >= 1.5.2)
      rack-protection (~> 1.4)
      tilt (~> 1.3, >= 1.3.4)
    slop (3.4.4)
    terminal-table (1.4.5)
    thor (0.18.1)
    tilt (1.4.1)
    tire (0.5.7)
      activemodel (>= 3.0)
      activesupport
      ansi
      hashr (~> 0.0.19)
      multi_json (~> 1.3)
      rake
      rest-client (~> 1.6)
    turn (0.9.6)
      ansi
    tzinfo (0.3.37)
    vegas (0.1.11)
      rack (>= 1.0.0)
    yajl-ruby (1.1.0)

PLATFORMS
  ruby

DEPENDENCIES
  database_cleaner
  factory_girl
  guard
  guard-minitest
  mapa76-core!
  minitest
  mocha
  rake
  rb-fchange
  rb-fsevent
  rb-inotify
  turn
  yajl-ruby
