PATH
  remote: ../chaos
  specs:
    mapa76-core (0.0.1)
      mongoid (~> 3.0.14)
      mongoid-grid_fs
      mongoid-pagination
      resque
      tire
      yajl-ruby

GEM
  remote: https://rubygems.org/
  specs:
    activemodel (3.2.22.5)
      activesupport (= 3.2.22.5)
      builder (~> 3.0.0)
    activesupport (3.2.22.5)
      i18n (~> 0.6, >= 0.6.4)
      multi_json (~> 1.0)
    amatch (0.2.10)
      tins (~> 0.3)
    ansi (1.4.3)
    bson (1.6.4)
    bson_ext (1.6.4)
      bson (~> 1.6.4)
    builder (3.0.4)
    capistrano (2.14.2)
      highline
      net-scp (>= 1.0.0)
      net-sftp (>= 2.0.0)
      net-ssh (>= 2.0.14)
      net-ssh-gateway (>= 1.1.0)
    capistrano-ext (1.2.1)
      capistrano (>= 1.0.0)
    coderay (1.0.8)
    concurrent-ruby (1.1.5)
    database_cleaner (0.8.0)
    docsplit (0.7.5)
    dotenv (0.11.1)
      dotenv-deployment (~> 0.0.2)
    dotenv-deployment (0.0.2)
    factory_girl (4.0.0)
      activesupport (>= 3.0.0)
    hashie (2.0.5)
    hashr (0.0.22)
    highline (1.6.16)
    httparty (0.11.0)
      multi_json (~> 1.0)
      multi_xml (>= 0.5.2)
    httpi (1.1.1)
      rack
    i18n (0.9.5)
      concurrent-ruby (~> 1.0)
    json (1.7.7)
    log4r (1.1.10)
    metaclass (0.0.4)
    method_source (0.8.1)
    mime-types (1.25)
    minitest (5.4.3)
    minitest-spec-context (0.0.3)
    mocha (1.1.0)
      metaclass (~> 0.0.1)
    mongoid (3.0.23)
      activemodel (~> 3.1)
      moped (~> 1.2)
      origin (~> 1.0)
      tzinfo (~> 0.3.22)
    mongoid-grid_fs (1.9.0)
      mime-types (~> 1.19)
      mongoid (~> 3.0)
    mongoid-pagination (0.2.0)
      activesupport
      mongoid
    mono_logger (1.1.0)
    moped (1.5.1)
    multi_json (1.10.1)
    multi_xml (0.5.5)
    net-scp (1.1.0)
      net-ssh (>= 2.6.5)
    net-sftp (2.1.1)
      net-ssh (>= 2.6.5)
    net-ssh (2.6.6)
    net-ssh-gateway (1.2.0)
      net-ssh (>= 2.6.5)
    nokogiri (1.5.5)
    oj (1.2.11)
    origin (1.1.0)
    pry (0.9.10)
      coderay (~> 1.0.5)
      method_source (~> 0.8)
      slop (~> 3.3.1)
    rack (1.5.2)
    rack-protection (1.5.3)
      rack
    rake (10.1.0)
    redis (3.1.0)
    redis-namespace (1.5.1)
      redis (~> 3.0, >= 3.0.4)
    resque (1.25.2)
      mono_logger (~> 1.0)
      multi_json (~> 1.0)
      redis-namespace (~> 1.3)
      sinatra (>= 0.9.2)
      vegas (~> 0.1.2)
    rest-client (1.6.7)
      mime-types (>= 1.16)
    ruby-progressbar (1.2.0)
    sinatra (1.4.5)
      rack (~> 1.4)
      rack-protection (~> 1.4)
      tilt (~> 1.3, >= 1.3.4)
    slop (3.3.3)
    tilt (1.4.1)
    tins (0.4.3)
    tire (0.6.0)
      activemodel (>= 3.0)
      activesupport
      ansi
      hashr (~> 0.0.19)
      multi_json (~> 1.3)
      rake
      rest-client (~> 1.6)
    tzinfo (0.3.38)
    vegas (0.1.11)
      rack (>= 1.0.0)
    yajl-ruby (1.1.0)

PLATFORMS
  ruby

DEPENDENCIES
  activesupport
  amatch
  bson_ext
  capistrano
  capistrano-ext
  database_cleaner
  docsplit
  dotenv
  factory_girl
  hashie
  httparty
  httpi
  json (~> 1.7.7)
  log4r
  mapa76-core!
  minitest
  minitest-spec-context
  mocha
  mongoid
  mongoid-pagination
  multi_json
  nokogiri
  oj
  pry
  rake
  ruby-progressbar
  tire
